PATH
  remote: ~/Projects/*Defaults/Misc/Gems/status_bar
  specs:
    status_bar (0.1)
      motion-cocoapods (>= 1.3.7)
      sugarcube (= 1.3.2)

GEM
  remote: https://rubygems.org/
  specs:
    activesupport (3.2.15)
      i18n (~> 0.6, >= 0.6.4)
      multi_json (~> 1.0)
    awesome_print_motion (0.1.0)
    celluloid (0.15.2)
      timers (~> 1.1.0)
    claide (0.3.2)
    cocoapods (0.27.1)
      activesupport (>= 3.2.15, < 4)
      claide (~> 0.3.2)
      cocoapods-core (= 0.27.1)
      cocoapods-downloader (~> 0.2.0)
      colored (~> 1.2)
      escape (~> 0.0.4)
      json_pure (~> 1.8)
      open4 (~> 1.3)
      xcodeproj (~> 0.14.0)
    cocoapods-core (0.27.1)
      activesupport (>= 3.2.15, < 4)
      json_pure (~> 1.8)
      nap (~> 0.5)
    cocoapods-downloader (0.2.0)
    coderay (1.0.9)
    colored (1.2)
    escape (0.0.4)
    ffi (1.9.0)
    formatador (0.2.4)
    guard (2.2.2)
      formatador (>= 0.2.4)
      listen (~> 2.1)
      lumberjack (~> 1.0)
      pry (>= 0.9.12)
      thor (>= 0.18.1)
    guard-motion (0.1.2)
      guard (>= 1.1.0)
      rake (>= 0.9)
    i18n (0.6.5)
    json_pure (1.8.1)
    listen (2.1.2)
      celluloid (>= 0.15.2)
      rb-fsevent (>= 0.9.3)
      rb-inotify (>= 0.9)
    lumberjack (1.0.4)
    method_source (0.8.2)
    motion-cocoapods (1.4.0)
      cocoapods (>= 0.26.2)
    multi_json (1.8.2)
    nap (0.5.1)
    open4 (1.3.0)
    pry (0.9.12.2)
      coderay (~> 1.0.5)
      method_source (~> 0.8)
      slop (~> 3.4)
    rake (10.1.0)
    rb-fsevent (0.9.3)
    rb-inotify (0.9.2)
      ffi (>= 0.5.0)
    slop (3.4.6)
    sugarcube (1.3.2)
    teacup (2.1.13)
    thor (0.18.1)
    timers (1.1.0)
    xcodeproj (0.14.0)
      activesupport (~> 3.0)
      colored (~> 1.2)

PLATFORMS
  ruby

DEPENDENCIES
  awesome_print_motion
  guard-motion
  status_bar!
  sugarcube (= 1.3.2)
  teacup (= 2.1.13)
