PATH
  remote: .
  specs:
    StatusBar (0.1)

GEM
  remote: https://rubygems.org/
  specs:
    bubble-wrap (1.3.0)
    rake (10.1.0)
    sugarcube (0.20.25)

PLATFORMS
  ruby

DEPENDENCIES
  StatusBar!
  bubble-wrap
  rake
  sugarcube
